GEM
  remote: https://rubygems.org/
  specs:
    chunky_png (1.2.7)
    compass (0.12.2)
      chunky_png (~> 1.2)
      fssm (>= 0.2.7)
      sass (~> 3.1)
    compass_twitter_bootstrap (2.2.2.2)
      compass
    fssm (0.2.10)
    haml (4.0.0)
      tilt
    rack (1.5.2)
    rack-protection (1.5.0)
      rack
    rake (10.0.3)
    sass (3.2.7)
    shotgun (0.9)
      rack (>= 1.0)
    sinatra (1.4.1)
      rack (~> 1.5, >= 1.5.2)
      rack-protection (~> 1.4)
      tilt (~> 1.3, >= 1.3.4)
    tilt (1.3.5)

PLATFORMS
  ruby

DEPENDENCIES
  compass (~> 0.12.2)
  compass_twitter_bootstrap
  haml
  rack (~> 1.5.2)
  rake
  sass (~> 3.2.7)
  shotgun
  sinatra (~> 1.4.1)
