GEM
  remote: http://rubygems.org/
  specs:
    chunky_png (1.2.5)
    compass (0.12.2)
      chunky_png (~> 1.2)
      fssm (>= 0.2.7)
      sass (~> 3.1)
    fssm (0.2.7)
    haml (3.1.4)
    rack (1.4.0)
    rake (0.9.2)
    sass (3.2.7)
    shotgun (0.9)
      rack (>= 1.0)
    sinatra (1.2.7)
      rack (~> 1.1)
      tilt (>= 1.2.2, < 2.0)
    susy (1.0.5)
      compass (>= 0.12.2)
      sass (>= 3.2.0)
    tilt (1.3.3)

PLATFORMS
  ruby

DEPENDENCIES
  compass (~> 0.12.2)
  haml
  rake
  sass (~> 3.2.7)
  shotgun
  sinatra (~> 1.2.3)
  susy
